GEM
  remote: https://rubygems.org/
  specs:
    dotenv (2.7.4)
    mini_portile2 (2.6.1)
    nokogiri (1.12.5)
      mini_portile2 (~> 2.6.1)
      racc (~> 1.4)
    racc (1.5.2)

PLATFORMS
  ruby

DEPENDENCIES
  dotenv
  nokogiri

RUBY VERSION
   ruby 2.6.3p62

BUNDLED WITH
   1.17.3
