GEM
  remote: https://rubygems.org/
  specs:
    dotenv (2.7.4)
    mini_portile2 (2.4.0)
    nokogiri (1.10.10)
      mini_portile2 (~> 2.4.0)

PLATFORMS
  ruby

DEPENDENCIES
  dotenv
  nokogiri

RUBY VERSION
   ruby 2.6.3p62

BUNDLED WITH
   1.17.3
